GEM
  remote: http://rubygems.org/
  specs:
    coderay (1.1.1)
    concurrent-ruby (1.0.2)
    dry-auto_inject (0.3.0)
      dry-container (~> 0.3.4)
    dry-configurable (0.1.6)
      concurrent-ruby (~> 1.0)
    dry-container (0.3.4)
      concurrent-ruby (~> 1.0)
      dry-configurable (~> 0.1, >= 0.1.3)
    dry-equalizer (0.2.0)
    dry-logic (0.2.3)
      dry-container (~> 0.2, >= 0.2.6)
      dry-equalizer (~> 0.2)
    dry-monads (0.0.1)
    dry-types (0.7.2)
      concurrent-ruby (~> 1.0)
      dry-configurable (~> 0.1)
      dry-container (~> 0.3)
      dry-equalizer (~> 0.2)
      dry-logic (~> 0.2, >= 0.2.3)
      dry-monads (>= 0.0.1)
      inflecto (~> 0.0.0, >= 0.0.2)
    inflecto (0.0.2)
    method_source (0.8.2)
    pry (0.10.3)
      coderay (~> 1.1.0)
      method_source (~> 0.8.1)
      slop (~> 3.4)
    slop (3.6.0)
    ytry (1.0.0)

PLATFORMS
  ruby

DEPENDENCIES
  dry-auto_inject
  dry-container
  dry-types
  pry
  ytry

BUNDLED WITH
   1.12.5
