GEM
  remote: http://rubygems.org/
  specs:
    coderay (1.1.1)
    concurrent-ruby (1.0.2)
    diplomat (0.18.0)
      faraday (~> 0.9)
      json
    domain_name (0.5.20160615)
      unf (>= 0.0.5, < 1.0.0)
    dry-auto_inject (0.3.0)
      dry-container (~> 0.3.4)
    dry-configurable (0.1.6)
      concurrent-ruby (~> 1.0)
    dry-container (0.3.4)
      concurrent-ruby (~> 1.0)
      dry-configurable (~> 0.1, >= 0.1.3)
    dry-equalizer (0.2.0)
    dry-logic (0.2.3)
      dry-container (~> 0.2, >= 0.2.6)
      dry-equalizer (~> 0.2)
    dry-monads (0.0.1)
    dry-types (0.7.2)
      concurrent-ruby (~> 1.0)
      dry-configurable (~> 0.1)
      dry-container (~> 0.3)
      dry-equalizer (~> 0.2)
      dry-logic (~> 0.2, >= 0.2.3)
      dry-monads (>= 0.0.1)
      inflecto (~> 0.0.0, >= 0.0.2)
    faraday (0.9.2)
      multipart-post (>= 1.2, < 3)
    http-cookie (1.0.2)
      domain_name (~> 0.5)
    inflecto (0.0.2)
    json (2.0.1)
    method_source (0.8.2)
    mime-types (3.1)
      mime-types-data (~> 3.2015)
    mime-types-data (3.2016.0521)
    mini_cache (1.0.1)
    multipart-post (2.0.0)
    netrc (0.11.0)
    pry (0.10.3)
      coderay (~> 1.1.0)
      method_source (~> 0.8.1)
      slop (~> 3.4)
    redis (3.3.0)
    rest-client (2.0.0)
      http-cookie (>= 1.0.2, < 2.0)
      mime-types (>= 1.16, < 4.0)
      netrc (~> 0.8)
    slop (3.6.0)
    stoplight (2.0.0)
      concurrent-ruby (~> 1.0)
    unf (0.1.4)
      unf_ext
    unf_ext (0.0.7.2)
    ytry (1.0.0)

PLATFORMS
  ruby

DEPENDENCIES
  diplomat
  dry-auto_inject
  dry-container
  dry-types
  mini_cache
  pry
  redis
  rest-client
  stoplight
  ytry

BUNDLED WITH
   1.12.5
